GEM
  remote: https://rubygems.org/
  specs:
    json (1.8.2)
    prettyprint (0.0.1)
      thor
    thor (0.19.1)

PLATFORMS
  ruby

DEPENDENCIES
  json
  prettyprint
